GEM
  remote: https://rubygems.org/
  specs:
    airrecord (0.2.1)
      faraday (~> 0.10)
      net-http-persistent (~> 2.9)
    faraday (0.12.1)
      multipart-post (>= 1.2, < 3)
    meaning (0.1.5)
      nokogiri (~> 1.6.7)
      rainbow (~> 2.1.0)
      thor (~> 0.19.1)
    mini_portile2 (2.1.0)
    multipart-post (2.0.0)
    net-http-persistent (2.9.4)
    nokogiri (1.6.8.1)
      mini_portile2 (~> 2.1.0)
    rainbow (2.1.0)
    thor (0.19.4)

PLATFORMS
  ruby

DEPENDENCIES
  airrecord
  meaning

BUNDLED WITH
   1.15.0.pre.3
