GEM
  remote: https://rubygems.org/
  specs:
    airrecord (0.2.1)
      faraday (~> 0.10)
      net-http-persistent (~> 2.9)
    airtable (0.0.9)
      httparty
    faraday (0.12.1)
      multipart-post (>= 1.2, < 3)
    httparty (0.14.0)
      multi_xml (>= 0.5.2)
    meaning (0.1.5)
      nokogiri (~> 1.6.7)
      rainbow (~> 2.1.0)
      thor (~> 0.19.1)
    mini_portile2 (2.1.0)
    multi_xml (0.6.0)
    multipart-post (2.0.0)
    net-http-persistent (2.9.4)
    nokogiri (1.6.8.1)
      mini_portile2 (~> 2.1.0)
    rack (1.6.5)
    rack-protection (1.5.3)
      rack
    rainbow (2.1.0)
    sinatra (1.3.6)
      rack (~> 1.4)
      rack-protection (~> 1.3)
      tilt (~> 1.3, >= 1.3.3)
    thor (0.19.4)
    tilt (1.4.1)

PLATFORMS
  ruby

DEPENDENCIES
  airrecord
  airtable
  meaning
  sinatra
  thor

BUNDLED WITH
   1.15.0.pre.3
